GEM
  remote: https://rubygems.org/
  specs:
    addressable (2.3.8)
    ast (2.1.0)
    astrolabe (1.3.1)
      parser (~> 2.2)
    coderay (1.1.0)
    diff-lcs (1.2.5)
    dotenv (2.0.2)
    faraday (0.9.2)
      multipart-post (>= 1.2, < 3)
    ffi (1.9.10)
    formatador (0.2.5)
    guard (2.13.0)
      formatador (>= 0.2.4)
      listen (>= 2.7, <= 4.0)
      lumberjack (~> 1.0)
      nenv (~> 0.1)
      notiffany (~> 0.0)
      pry (>= 0.9.12)
      shellany (~> 0.0)
      thor (>= 0.18.1)
    guard-rspec (4.2.10)
      guard (~> 2.1)
      rspec (>= 2.14, < 4.0)
    guard-rubocop (1.2.0)
      guard (~> 2.0)
      rubocop (~> 0.20)
    haml (4.0.7)
      tilt
    json (1.8.3)
    listen (3.0.3)
      rb-fsevent (>= 0.9.3)
      rb-inotify (>= 0.9)
    lumberjack (1.0.9)
    method_source (0.8.2)
    multi_json (1.11.2)
    multipart-post (2.0.0)
    nenv (0.2.0)
    notiffany (0.0.8)
      nenv (~> 0.1)
      shellany (~> 0.0)
    oauth2 (0.5.2)
      faraday (~> 0.7)
      multi_json (~> 1.0)
    parser (2.2.3.0)
      ast (>= 1.1, < 3.0)
    powerpack (0.1.1)
    pry (0.10.2)
      coderay (~> 1.1.0)
      method_source (~> 0.8.1)
      slop (~> 3.4)
    rack (1.6.4)
    rack-protection (1.5.3)
      rack
    rack-test (0.6.3)
      rack (>= 1.0)
    rainbow (2.0.0)
    rb-fsevent (0.9.6)
    rb-inotify (0.9.5)
      ffi (>= 0.5.0)
    rerun (0.11.0)
      listen (~> 3.0)
    rspec (2.99.0)
      rspec-core (~> 2.99.0)
      rspec-expectations (~> 2.99.0)
      rspec-mocks (~> 2.99.0)
    rspec-core (2.99.2)
    rspec-expectations (2.99.2)
      diff-lcs (>= 1.1.3, < 2.0)
    rspec-mocks (2.99.4)
    rubocop (0.34.2)
      astrolabe (~> 1.3)
      parser (>= 2.2.2.5, < 3.0)
      powerpack (~> 0.1)
      rainbow (>= 1.99.1, < 3.0)
      ruby-progressbar (~> 1.4)
    ruby-progressbar (1.7.5)
    shellany (0.0.1)
    sinatra (1.4.6)
      rack (~> 1.4)
      rack-protection (~> 1.4)
      tilt (>= 1.3, < 3)
    sinatra_auth_oauthed (0.0.2)
      sinatra (~> 1.0)
      warden-oauthed (~> 0.0.0)
    slop (3.6.0)
    thor (0.19.1)
    tilt (1.4.1)
    warden (1.2.3)
      rack (>= 1.0)
    warden-oauthed (0.0.4)
      json (~> 1.5)
      multi_json (~> 1.11, >= 1.11.2)
      oauth2 (~> 0.5, >= 0.5.2)
      warden (>= 1.0)

PLATFORMS
  ruby

DEPENDENCIES
  addressable
  dotenv (~> 2.0.2)
  guard
  guard-rspec (~> 4.2.8)
  guard-rubocop
  haml
  multi_json (~> 1.11.2)
  oauth2 (~> 0.5.2)
  rack-test
  rerun
  rspec (~> 2.7)
  sinatra (~> 1.4.6)
  sinatra_auth_oauthed
  warden (~> 1.2.3)
  warden-oauthed

BUNDLED WITH
   1.10.6
